GEM
  remote: https://rubygems.org/
  specs:
    puma (3.12.0)
    rack (2.0.5)

PLATFORMS
  ruby

DEPENDENCIES
  puma (~> 3.12)
  rack (~> 2.0)

BUNDLED WITH
   1.16.4
